PATH
  remote: .
  specs:
    rdf-mongo (0.3.0)
      addressable (>= 2.2.6)
      mongo (>= 1.5.1)
      rdf (>= 0.3.4)

PATH
  remote: ../rdf-spec
  specs:
    rdf-spec (0.3.11)
      rspec (>= 2.12.0)

GEM
  remote: http://rubygems.org/
  specs:
    addressable (2.3.2)
    bson (1.8.2)
    diff-lcs (1.1.3)
    mongo (1.8.2)
      bson (~> 1.8.2)
    rdf (0.3.11.1)
      addressable (>= 2.2.6)
    rspec (2.12.0)
      rspec-core (~> 2.12.0)
      rspec-expectations (~> 2.12.0)
      rspec-mocks (~> 2.12.0)
    rspec-core (2.12.2)
    rspec-expectations (2.12.1)
      diff-lcs (~> 1.1.3)
    rspec-mocks (2.12.1)
    wirble (0.1.3)
    yard (0.8.3)

PLATFORMS
  ruby

DEPENDENCIES
  rdf-mongo!
  rdf-spec!
  rspec (>= 2.7.0)
  wirble
  yard (>= 0.5.3)
